GEM
  remote: https://rubygems.org/
  specs:
    shoes (3.0.1)

PLATFORMS
  ruby

DEPENDENCIES
  shoes

BUNDLED WITH
   1.10.6
